GEM
  remote: https://rubygems.org/
  specs:
    activesupport (5.2.3)
      concurrent-ruby (~> 1.0, >= 1.0.2)
      i18n (>= 0.7, < 2)
      minitest (~> 5.1)
      tzinfo (~> 1.1)
    atomic (1.0.1-java)
    backports (3.15.0)
    builder (3.2.3)
    concurrent-ruby (1.1.5)
    excon (0.64.0)
    fog-aws (2.0.0)
      fog-core (~> 1.38)
      fog-json (~> 1.0)
      fog-xml (~> 0.1)
      ipaddress (~> 0.8)
    fog-core (1.45.0)
      builder
      excon (~> 0.58)
      formatador (~> 0.2)
    fog-json (1.2.0)
      fog-core
      multi_json (~> 1.10)
    fog-xml (0.1.3)
      fog-core
      nokogiri (>= 1.5.11, < 2.0.0)
    formatador (0.2.5)
    i18n (1.6.0)
      concurrent-ruby (~> 1.0)
    ipaddress (0.8.3)
    json (2.1.0-java)
    mime-types (3.1)
      mime-types-data (~> 3.2015)
    mime-types-data (3.2019.0331)
    minitest (5.11.3)
    multi_json (1.13.1)
    nokogiri (1.10.3-java)
    rack (1.6.11)
    rack-protection (1.5.5)
      rack
    rack-test (1.1.0)
      rack (>= 1.0, < 3)
    sinatra (1.4.7)
      rack (~> 1.5)
      rack-protection (~> 1.4)
      tilt (>= 1.3, < 3)
    sinatra-contrib (1.4.7)
      backports (>= 2.0)
      multi_json
      rack-protection
      rack-test
      sinatra (~> 1.4.0)
      tilt (>= 1.3, < 3)
    thread_safe (0.3.6-java)
    tilt (2.0.9)
    tzinfo (1.2.5)
      thread_safe (~> 0.1)

PLATFORMS
  java

DEPENDENCIES
  activesupport (= 5.2.3)
  atomic (= 1.0.1)
  backports (~> 3.14)
  fog-aws (= 2.0.0)
  i18n (= 1.6.0)
  json (= 2.1.0)
  mime-types (= 3.1)
  multi_json (~> 1.13.1)
  nokogiri (= 1.10.3)
  rack-test (~> 1.1.0)
  sinatra (= 1.4.7)
  sinatra-contrib (= 1.4.7)

BUNDLED WITH
   1.17.3
